GEM
  remote: http://rubygems.org/
  specs:
    configuration (1.2.0)
    crack (0.1.8)
    daemons (1.1.3)
    dalli (1.0.4)
    eoflife (0.1.0.pre)
      hashie (~> 1.0.0)
      httparty (~> 0.7)
    eventmachine (0.12.10)
    eventmachine (0.12.10-java)
    foreman (0.16.0)
      term-ansicolor (~> 1.0.5)
      thor (>= 0.13.6)
    haml (3.1.1)
    hashie (1.0.0)
    heroku (2.1.4)
      launchy (>= 0.3.2)
      rest-client (~> 1.6.1)
      term-ansicolor (~> 1.0.5)
    httparty (0.7.7)
      crack (= 0.1.8)
    json (1.5.1)
    json (1.5.1-java)
    launchy (0.4.0)
      configuration (>= 0.0.5)
      rake (>= 0.8.1)
    mime-types (1.16)
    rack (1.2.2)
    rake (0.8.7)
    rest-client (1.6.1)
      mime-types (>= 1.16)
    sass (3.1.1)
    shotgun (0.9)
      rack (>= 1.0)
    sinatra (1.2.6)
      rack (~> 1.1)
      tilt (< 2.0, >= 1.2.2)
    term-ansicolor (1.0.5)
    thin (1.2.11)
      daemons (>= 1.0.9)
      eventmachine (>= 0.12.6)
      rack (>= 1.0.0)
    thor (0.14.6)
    tilt (1.3)

PLATFORMS
  java
  ruby

DEPENDENCIES
  dalli
  eoflife
  foreman
  haml (~> 3.1)
  heroku
  json
  sass (~> 3.1)
  shotgun
  sinatra (~> 1.2)
  thin
